PATH
  remote: .
  specs:
    hashr (0.0.20)

GEM
  remote: http://rubygems.org/
  specs:
    rake (0.9.2)
    test_declarative (0.0.5)

PLATFORMS
  java
  ruby

DEPENDENCIES
  hashr!
  rake
  test_declarative (>= 0.0.2)
